GIT
  remote: git://github.com/dbwinger/spree-reorder.git
  revision: 70a7a8a1dd6b2ec635a296f63f6083c8cebaa237
  branch: 2-0-stable
  specs:
    spree_reorder (0.0.2)
      spree_frontend (~> 2.0.0)

GIT
  remote: git://github.com/dbwinger/spree_address_book.git
  revision: 50b194bc1de131f4f6e0fa7a1d216ae6eb5ebc90
  branch: 2-0-stable-bootstrap
  specs:
    spree_address_book (1.3.0)
      spree_auth_devise
      spree_core (~> 2.0)

GIT
  remote: git://github.com/dbwinger/spree_banner.git
  revision: f2321b2110c1b5ee47ceec820b1aa1e59a057c11
  specs:
    spree_banner (2.0.3)
      aws-sdk
      paperclip
      spree_core (>= 2.0.0)

GIT
  remote: git://github.com/dbwinger/spree_bootstrap.git
  revision: bdb6f9bd2be1dffc6c783c77ea6a136ca180ae31
  branch: 2-0-stable
  specs:
    spree_bootstrap (2.0.0)
      bootstrap-sass (~> 2.3.1.0)
      font-awesome-rails
      spree_api
      spree_core (~> 2.0.0)
      spree_frontend

GIT
  remote: git://github.com/dbwinger/spree_contact_us.git
  revision: c17e74a8369e7aea207860760f02e7ef0427f414
  branch: 2-0-stable
  specs:
    spree_contact_us (1.1.1)
      recaptcha
      spree_core (~> 2.0.4)

GIT
  remote: git://github.com/dbwinger/spree_minicart.git
  revision: 0ca72ffde9dbb2cd8715916e11bbbbc904bae48f
  specs:
    spree_minicart (1.1.3)
      spree_api (~> 2.0)
      spree_core (~> 2.0)
      spree_frontend (~> 2.0)
      spree_sample (~> 2.0)

GIT
  remote: git://github.com/dbwinger/spree_serenity_theme.git
  revision: 1fb1afdada6ff638201e58c5db346c8eabf602bf
  specs:
    spree_serenity_theme (2.0.5)

GIT
  remote: git://github.com/jipiboily/monologue.git
  revision: 81954c939643db2d819d455cf66f5a842c312cf9
  branch: 0-3-stable
  specs:
    monologue (0.3.0)
      bcrypt-ruby (~> 3.0.0)
      ckeditor
      coffee-rails
      jquery-rails
      rails (>= 3.1.3)
      sass-rails (~> 3.2.3)
      select2-rails (~> 3.2)
      truncate_html

GIT
  remote: git://github.com/matenia/bootstrap-kaminari-views.git
  revision: 55f8c238cd99f12e8d9214d6fb7bdda3fbd675f5
  specs:
    bootstrap-kaminari-views (0.0.3)
      kaminari (>= 0.13)
      rails (>= 3.1)

GIT
  remote: git://github.com/spree/spree_active_shipping.git
  revision: 079c634dfd4ee9b384d7501c1f76bf6a8b1dd37c
  branch: 2-0-stable
  specs:
    spree_active_shipping (2.0.0)
      active_shipping (~> 0.11.0)
      spree_core (~> 2.0.0)

GIT
  remote: git://github.com/spree/spree_auth_devise.git
  revision: 3224869cfda188f8d7fc4f1eb630d862cd585bea
  branch: 2-0-stable
  specs:
    spree_auth_devise (2.0.0)
      devise (~> 2.2.5)
      devise-encryptable (= 0.1.2)
      spree_backend (~> 2.0.0)
      spree_core (~> 2.0.0)
      spree_frontend (~> 2.0.0)

GIT
  remote: git://github.com/spree/spree_editor.git
  revision: 711e7db3885d011fac6c60edb378dc61f073191e
  branch: 2-0-stable
  specs:
    spree_editor (2.0.0)
      ckeditor
      spree_backend (>= 2.0.0)
      tinymce-rails (~> 3.5.8.3)

GIT
  remote: git://github.com/spree/spree_gateway.git
  revision: b0cb8902fee6a94cd0d91d11eb7d154b91502d8b
  branch: 2-0-stable
  specs:
    spree_gateway (2.1.0.beta)
      savon (~> 1.2)
      spree_core (~> 2.0.0)

GIT
  remote: git://github.com/spree/spree_social_products.git
  revision: 18881d9700111fd40609227a8ff14bccb2813a12
  branch: 2-0-stable
  specs:
    spree_social_products (2.0)
      spree_core (~> 2.0)

GIT
  remote: git://github.com/spree/spree_static_content.git
  revision: 8307179e5e645e241948f85465d5cc04980718e8
  branch: 2-0-stable
  specs:
    spree_static_content (2.0.7.beta)
      spree_core (~> 2.0.0)

GEM
  remote: https://rubygems.org/
  specs:
    actionmailer (3.2.18)
      actionpack (= 3.2.18)
      mail (~> 2.5.4)
    actionpack (3.2.18)
      activemodel (= 3.2.18)
      activesupport (= 3.2.18)
      builder (~> 3.0.0)
      erubis (~> 2.7.0)
      journey (~> 1.0.4)
      rack (~> 1.4.5)
      rack-cache (~> 1.2)
      rack-test (~> 0.6.1)
      sprockets (~> 2.2.1)
    active_shipping (0.11.2)
      active_utils (>= 1.0.1)
      activesupport (>= 2.3.5)
      builder
      i18n
      json (>= 1.5.1)
    active_utils (2.2.1)
      activesupport (>= 2.3.11)
      i18n
    activemerchant (1.42.9)
      active_utils (~> 2.0, >= 2.0.1)
      activesupport (>= 2.3.14, < 5.0.0)
      builder (>= 2.1.2, < 4.0.0)
      i18n (~> 0.5)
      json (~> 1.7)
      money (< 7.0.0)
      nokogiri (~> 1.4)
    activemodel (3.2.18)
      activesupport (= 3.2.18)
      builder (~> 3.0.0)
    activerecord (3.2.18)
      activemodel (= 3.2.18)
      activesupport (= 3.2.18)
      arel (~> 3.0.2)
      tzinfo (~> 0.3.29)
    activeresource (3.2.18)
      activemodel (= 3.2.18)
      activesupport (= 3.2.18)
    activesupport (3.2.18)
      i18n (~> 0.6, >= 0.6.4)
      multi_json (~> 1.0)
    acts_as_list (0.3.0)
      activerecord (>= 3.0)
    addressable (2.3.5)
    akami (1.2.1)
      gyoku (>= 0.4.0)
      nokogiri
    arel (3.0.3)
    awesome_nested_set (2.1.6)
      activerecord (>= 3.0.0)
    aws-sdk (1.31.3)
      json (~> 1.4)
      nokogiri (>= 1.4.4)
      uuidtools (~> 2.1)
    bcrypt-ruby (3.0.1)
    bootstrap-sass (2.3.1.3)
      sass (~> 3.2)
    builder (3.0.4)
    cancan (1.6.10)
    canonical-rails (0.0.7)
      rails (>= 3.1, < 5.0)
    ckeditor (4.0.10)
      mime-types
      orm_adapter (~> 0.5.0)
    climate_control (0.0.3)
      activesupport (>= 3.0)
    cocaine (0.5.4)
      climate_control (>= 0.0.3, < 1.0)
    coffee-rails (3.2.2)
      coffee-script (>= 2.2.0)
      railties (~> 3.2.0)
    coffee-script (2.2.0)
      coffee-script-source
      execjs
    coffee-script-source (1.7.0)
    colorize (0.7.3)
    columnize (0.3.6)
    daemons (1.1.9)
    debugger (1.6.5)
      columnize (>= 0.3.1)
      debugger-linecache (~> 1.2.0)
      debugger-ruby_core_source (~> 1.3.1)
    debugger-linecache (1.2.0)
    debugger-ruby_core_source (1.3.1)
    deface (1.0.0)
      colorize (>= 0.5.8)
      nokogiri (~> 1.6.0)
      rails (>= 3.1)
    devise (2.2.8)
      bcrypt-ruby (~> 3.0)
      orm_adapter (~> 0.1)
      railties (~> 3.1)
      warden (~> 1.2.1)
    devise-encryptable (0.1.2)
      devise (>= 2.1.0)
    dotenv (0.9.0)
    dotenv-rails (0.9.0)
      dotenv (= 0.9.0)
    erubis (2.7.0)
    eventmachine (1.0.3)
    execjs (2.0.2)
    faraday (0.9.0)
      multipart-post (>= 1.2, < 3)
    ffaker (1.24.0)
    font-awesome-rails (4.0.3.1)
      railties (>= 3.2, < 5.0)
    gyoku (0.4.6)
      builder (>= 2.1.2)
    hashie (2.0.5)
    highline (1.6.21)
    hike (1.2.3)
    htmlentities (4.3.1)
    httparty (0.13.1)
      json (~> 1.8)
      multi_xml (>= 0.5.2)
    httpi (1.1.1)
      rack
    i18n (0.6.9)
    journey (1.0.4)
    jquery-rails (3.0.4)
      railties (>= 3.0, < 5.0)
      thor (>= 0.14, < 2.0)
    jquery-ui-rails (4.0.5)
      railties (>= 3.1.0)
    json (1.8.1)
    kaminari (0.15.1)
      actionpack (>= 3.0.0)
      activesupport (>= 3.0.0)
    launchy (2.4.2)
      addressable (~> 2.3)
    letter_opener (1.2.0)
      launchy (~> 2.2)
    libv8 (3.16.14.3)
    mail (2.5.4)
      mime-types (~> 1.16)
      treetop (~> 1.4.8)
    mime-types (1.25.1)
    mini_portile (0.6.0)
    monetize (0.3.0)
      money (~> 6.1.0.beta1)
    money (6.1.1)
      i18n (~> 0.6.4)
    multi_json (1.10.1)
    multi_xml (0.5.5)
    multipart-post (2.0.0)
    newrelic_rpm (3.7.2.192)
    nokogiri (1.6.2.1)
      mini_portile (= 0.6.0)
    nori (1.1.5)
    orm_adapter (0.5.0)
    paperclip (3.4.2)
      activemodel (>= 3.0.0)
      activerecord (>= 3.0.0)
      activesupport (>= 3.0.0)
      cocaine (~> 0.5.0)
      mime-types
    paranoia (1.3.3)
      activerecord (~> 3.2)
    pg (0.17.1)
    polyamorous (0.6.4)
      activerecord (>= 3.0)
    polyglot (0.3.5)
    rabl (0.9.3)
      activesupport (>= 2.3.14)
    rack (1.4.5)
    rack-cache (1.2)
      rack (>= 0.4)
    rack-ssl (1.3.4)
      rack
    rack-test (0.6.2)
      rack (>= 1.0)
    rails (3.2.18)
      actionmailer (= 3.2.18)
      actionpack (= 3.2.18)
      activerecord (= 3.2.18)
      activeresource (= 3.2.18)
      activesupport (= 3.2.18)
      bundler (~> 1.0)
      railties (= 3.2.18)
    railties (3.2.18)
      actionpack (= 3.2.18)
      activesupport (= 3.2.18)
      rack-ssl (~> 1.3.2)
      rake (>= 0.8.7)
      rdoc (~> 3.4)
      thor (>= 0.14.6, < 2.0)
    rake (10.3.2)
    ransack (1.1.0)
      actionpack (>= 3.0)
      activerecord (>= 3.0)
      polyamorous (~> 0.6.0)
    rdoc (3.12.2)
      json (~> 1.4)
    recaptcha (0.3.6)
    ref (1.0.5)
    sass (3.3.8)
    sass-rails (3.2.6)
      railties (~> 3.2.0)
      sass (>= 3.1.10)
      tilt (~> 1.3)
    savon (1.2.0)
      akami (~> 1.2.0)
      builder (>= 2.1.2)
      gyoku (~> 0.4.5)
      httpi (~> 1.1.0)
      nokogiri (>= 1.4.0)
      nori (~> 1.1.0)
      wasabi (~> 2.5.0)
    select2-rails (3.4.9)
      sass-rails
      thor (~> 0.14)
    sentry-raven (0.7.1)
      faraday (>= 0.7.6)
      hashie (>= 1.1.0)
      uuidtools
    spree (2.0.11)
      spree_api (= 2.0.11)
      spree_backend (= 2.0.11)
      spree_cmd (= 2.0.11)
      spree_core (= 2.0.11)
      spree_frontend (= 2.0.11)
      spree_sample (= 2.0.11)
    spree_api (2.0.11)
      rabl (= 0.9.3)
      spree_core (= 2.0.11)
      versioncake (~> 1.2.0)
    spree_backend (2.0.11)
      jquery-rails (~> 3.0.0)
      jquery-ui-rails (~> 4.0.0)
      select2-rails (~> 3.4.7)
      spree_api (= 2.0.11)
      spree_core (= 2.0.11)
    spree_cmd (2.0.11)
      thor (~> 0.14)
    spree_core (2.0.11)
      activemerchant (~> 1.42.3)
      acts_as_list (= 0.3.0)
      awesome_nested_set (= 2.1.6)
      aws-sdk (= 1.31.3)
      cancan (~> 1.6.10)
      deface (= 1.0.0)
      ffaker (~> 1.16)
      highline (~> 1.6.18)
      httparty (~> 0.11)
      json (~> 1.7)
      kaminari (~> 0.15.0)
      monetize
      paperclip (~> 3.4.1)
      paranoia (~> 1.3)
      rails (~> 3.2.17)
      ransack (~> 1.1.0)
      state_machine (= 1.2.0)
      stringex (~> 1.5.1)
      truncate_html (= 0.9.2)
    spree_frontend (2.0.11)
      canonical-rails
      deface (>= 0.9.0)
      jquery-rails (~> 3.0.0)
      rails (~> 3.2.13)
      spree_api (= 2.0.11)
      spree_core (= 2.0.11)
      stringex (~> 1.5.1)
    spree_sample (2.0.11)
      spree_core (= 2.0.11)
    spring (1.1.1)
    sprockets (2.2.2)
      hike (~> 1.2)
      multi_json (~> 1.0)
      rack (~> 1.0)
      tilt (~> 1.1, != 1.3.0)
    state_machine (1.2.0)
    stringex (1.5.1)
    therubyracer (0.12.1)
      libv8 (~> 3.16.14.0)
      ref
    thin (1.6.1)
      daemons (>= 1.0.9)
      eventmachine (>= 1.0.0)
      rack (>= 1.0.0)
    thor (0.19.1)
    tilt (1.4.1)
    tinymce-rails (3.5.8.3)
      railties (>= 3.1.1)
    treetop (1.4.15)
      polyglot
      polyglot (>= 0.3.1)
    truncate_html (0.9.2)
    tzinfo (0.3.39)
    uglifier (2.4.0)
      execjs (>= 0.3.0)
      json (>= 1.8.0)
    uuidtools (2.1.4)
    versioncake (1.2.0)
      actionpack (>= 3.2)
      activesupport (>= 3.2)
      railties (>= 3.2)
      tzinfo
    warden (1.2.3)
      rack (>= 1.0)
    wasabi (2.5.1)
      httpi (~> 1.0)
      nokogiri (>= 1.4.0)

PLATFORMS
  ruby

DEPENDENCIES
  bcrypt-ruby (~> 3.0.0)
  bootstrap-kaminari-views!
  ckeditor
  coffee-rails (~> 3.2.1)
  debugger
  dotenv-rails
  htmlentities
  jquery-rails
  letter_opener
  monologue!
  newrelic_rpm
  paperclip
  pg
  rails (= 3.2.18)
  sass-rails (~> 3.2.3)
  sentry-raven
  spree (= 2.0.11)
  spree_active_shipping!
  spree_address_book!
  spree_auth_devise!
  spree_banner!
  spree_bootstrap!
  spree_contact_us!
  spree_editor!
  spree_gateway!
  spree_minicart!
  spree_reorder!
  spree_serenity_theme!
  spree_social_products!
  spree_static_content!
  spring
  therubyracer (>= 0.11.4)
  thin
  uglifier (>= 1.0.3)
